PATH
  remote: .
  specs:
    facebook-cli (1.7.1)
      gli (~> 2.14)
      json (~> 2.0)
      jsonpath (~> 0.5)
      koala (~> 3.0)

GEM
  remote: https://rubygems.org/
  specs:
    addressable (2.5.2)
      public_suffix (>= 2.0.2, < 4.0)
    faraday (0.15.2)
      multipart-post (>= 1.2, < 3)
    gli (2.17.1)
    json (2.1.0)
    jsonpath (0.9.3)
      multi_json
      to_regexp (~> 0.2.1)
    koala (3.0.0)
      addressable
      faraday
      json (>= 1.8)
    multi_json (1.13.1)
    multipart-post (2.0.0)
    public_suffix (3.0.2)
    to_regexp (0.2.1)

PLATFORMS
  ruby

DEPENDENCIES
  facebook-cli!

BUNDLED WITH
   1.16.1
